PATH
  remote: .
  specs:
    middleman-inliner (0.0.12)

GEM
  remote: http://rubygems.org/
  specs:

PLATFORMS
  ruby

DEPENDENCIES
  middleman-inliner!
